GEM
  remote: http://rubygems.org/
  specs:
    curb (0.7.16)
    wirble (0.1.3)
    yajl-ruby (1.1.0)

PLATFORMS
  ruby

DEPENDENCIES
  curb
  wirble
  yajl-ruby
